GEM
  remote: https://rubygems.org/
  specs:
    adsf (1.1.1)
      rack (>= 1.0.0)
    builder (3.1.3)
    chunky_png (1.2.6)
    colored (1.2)
    compass (0.12.2)
      chunky_png (~> 1.2)
      fssm (>= 0.2.7)
      sass (~> 3.1)
    compass-susy-plugin (0.8.1)
      compass (>= 0.10.0)
    cri (2.3.0)
      colored (>= 1.2)
    fssm (0.2.9)
    growl (1.0.3)
    guard (1.4.0)
      listen (>= 0.4.2)
      thor (>= 0.14.6)
    guard-bundler (1.0.0)
      bundler (~> 1.0)
      guard (~> 1.1)
    guard-nanoc (0.1.0)
      guard (>= 0.2.1)
      nanoc (>= 3.1.5)
    listen (0.5.2)
    nanoc (3.4.1)
      cri (~> 2.2)
    nokogiri (1.5.5)
    rack (1.4.1)
    rake (10.0.3)
    rb-fsevent (0.9.2)
    rdiscount (1.6.8)
    sass (3.2.1)
    systemu (2.5.2)
    thor (0.16.0)

PLATFORMS
  ruby

DEPENDENCIES
  adsf
  builder
  compass-susy-plugin (~> 0.8.1)
  growl
  guard
  guard-bundler
  guard-nanoc
  nanoc (~> 3.4.1)
  nokogiri
  rack
  rake
  rb-fsevent
  rdiscount (~> 1.6)
  systemu
